GEM
  remote: https://rubygems.org/
  specs:
    byebug (10.0.2)
    coderay (1.1.2)
    method_source (0.9.2)
    mini_portile2 (2.8.1)
    nokogiri (1.14.3)
      mini_portile2 (~> 2.8.0)
      racc (~> 1.4)
    pry (0.12.2)
      coderay (~> 1.1.0)
      method_source (~> 0.9.0)
    pry-byebug (3.6.0)
      byebug (~> 10.0)
      pry (~> 0.10)
    racc (1.6.2)
    rmagick (2.16.0)
    rtesseract (2.2.0)
      nokogiri

PLATFORMS
  ruby

DEPENDENCIES
  pry
  pry-byebug
  rmagick
  rtesseract

BUNDLED WITH
   1.16.2
